PATH
  remote: .
  specs:
    devise-passkey (0.1.0)
      webauthn (~> 1.0)

GEM
  remote: https://rubygems.org/
  specs:
    ast (2.4.2)
    bindata (2.4.14)
    bump (0.10.0)
    cbor (0.5.9.6)
    cose (0.7.0)
      cbor (~> 0.5.9)
    diff-lcs (1.5.0)
    ipaddr (1.2.4)
    json (2.6.2)
    jwt (2.5.0)
    openssl (2.2.2)
      ipaddr
    parallel (1.22.1)
    parser (3.1.2.1)
      ast (~> 2.4.1)
    rainbow (3.1.1)
    rake (13.0.6)
    regexp_parser (2.6.0)
    rexml (3.2.5)
    rspec (3.12.0)
      rspec-core (~> 3.12.0)
      rspec-expectations (~> 3.12.0)
      rspec-mocks (~> 3.12.0)
    rspec-core (3.12.0)
      rspec-support (~> 3.12.0)
    rspec-expectations (3.12.0)
      diff-lcs (>= 1.2.0, < 2.0)
      rspec-support (~> 3.12.0)
    rspec-mocks (3.12.0)
      diff-lcs (>= 1.2.0, < 2.0)
      rspec-support (~> 3.12.0)
    rspec-support (3.12.0)
    rubocop (1.38.0)
      json (~> 2.3)
      parallel (~> 1.10)
      parser (>= 3.1.2.1)
      rainbow (>= 2.2.2, < 4.0)
      regexp_parser (>= 1.8, < 3.0)
      rexml (>= 3.2.5, < 4.0)
      rubocop-ast (>= 1.23.0, < 2.0)
      ruby-progressbar (~> 1.7)
      unicode-display_width (>= 1.4.0, < 3.0)
    rubocop-ast (1.23.0)
      parser (>= 3.1.1.0)
    rubocop-performance (1.15.0)
      rubocop (>= 1.7.0, < 2.0)
      rubocop-ast (>= 0.4.0)
    ruby-progressbar (1.11.0)
    securecompare (1.0.0)
    standard (1.17.0)
      rubocop (= 1.38.0)
      rubocop-performance (= 1.15.0)
    unicode-display_width (2.3.0)
    webauthn (1.18.0)
      bindata (~> 2.4)
      cbor (~> 0.5.9)
      cose (~> 0.7.0)
      jwt (>= 1.5, < 3.0)
      openssl (~> 2.0)
      securecompare (~> 1.0)

PLATFORMS
  arm64-darwin-21

DEPENDENCIES
  bump (~> 0.10.0)
  devise-passkey!
  rake (~> 13.0)
  rspec (~> 3.0)
  standard (~> 1.3)

BUNDLED WITH
   2.4.0.dev
